GIT
  remote: git://github.com/jvatic/fontcustom.git
  revision: b6e2c8224877d7007f4123650e996d117e3b8f02
  branch: custom
  specs:
    fontcustom (1.3.2)
      json (~> 1.4)
      listen (~> 1.0)
      thor (~> 0.14)

GEM
  remote: https://rubygems.org/
  specs:
    ffi (>= 1.9.24)
    json (1.8.1)
    listen (1.3.1)
      rb-fsevent (>= 0.9.3)
      rb-inotify (>= 0.9)
      rb-kqueue (>= 0.2)
    rake (10.1.1)
    rb-fsevent (0.9.4)
    rb-inotify (0.9.3)
      ffi (>= 0.5.0)
    rb-kqueue (0.2.0)
      ffi (>= 0.5.0)
    thor (0.18.1)

PLATFORMS
  ruby

DEPENDENCIES
  fontcustom!
  rake
